GIT
  remote: git://github.com/gosu/releasy.git
  revision: 794dbbf920758f1e11c7fe35d04b4d676051c7e4
  specs:
    releasy (0.2.3)
      bundler (>= 1.2.1)
      cri (~> 2.1.0)
      ocra (~> 1.3.0)
      rake (>= 0.9.2.2)
      thor (~> 0.14.6)

GEM
  remote: https://rubygems.org/
  specs:
    cri (2.1.0)
    gosu (9.9.9)
    ocra (1.3.10)
    rake (12.3.3)
    thor (0.14.6)

PLATFORMS
  ruby
  x86-mingw32

DEPENDENCIES
  gosu
  ocra
  releasy!

BUNDLED WITH
   1.17.3
